GEM
  remote: https://rubygems.org/
  specs:
    git (1.2.5)
    httpclient (2.3.3)
    jeweler (1.8.4)
      bundler (~> 1.0)
      git (>= 1.2.5)
      rake
      rdoc
    json (1.7.7)
    rake (10.0.4)
    rdoc (4.0.1)
      json (~> 1.4)

PLATFORMS
  ruby

DEPENDENCIES
  httpclient
  jeweler
  json
